ObjectType = Image
NDims = 3
BinaryData = True
BinaryDataByteOrderMSB = False
CompressedData = True
CompressedDataSize = 430987
TransformMatrix = 1 0 0 0 1 0 0 0 1
Offset = 0 0 0
CenterOfRotation = 0 0 0
ElementSpacing = 15.5467 15.1 14.9333
DimSize = 75 150 75
AnatomicalOrientation = ???
ElementType = MET_USHORT
ElementDataFile = sox9.zraw
